GEM
  remote: https://rubygems.org/
  specs:
    faraday (2.7.4)
      faraday-net_http (>= 2.0, < 3.1)
      ruby2_keywords (>= 0.0.4)
    faraday-net_http (3.0.2)
    json (2.6.3)
    libv8-node (16.10.0.0-x86_64-darwin)
    mini_racer (0.6.3)
      libv8-node (~> 16.10.0.0)
    mustermann (1.1.2)
      ruby2_keywords (~> 0.0.1)
    rack (2.2.6.4)
    rack-protection (2.1.0)
      rack
    ruby2_keywords (0.0.5)
    sinatra (2.1.0)
      mustermann (~> 1.0)
      rack (~> 2.2)
      rack-protection (= 2.1.0)
      tilt (~> 2.0)
    tilt (2.1.0)
    timeout (0.3.2)

PLATFORMS
  x86_64-darwin-20

DEPENDENCIES
  faraday (~> 2.7.4)
  json (~> 2.6.1)
  mini_racer (~> 0.6.3)
  sinatra (~> 2.1.0)
  timeout

BUNDLED WITH
   2.2.27
